PATH
  remote: .
  specs:
    noun-project-api (3.0.0)
      oauth (~> 0.5)

GEM
  remote: https://rubygems.org/
  specs:
    coderay (1.1.3)
    concurrent-ruby (1.1.6)
    diff-lcs (1.4.2)
    faker (2.13.0)
      i18n (>= 1.6, < 2)
    i18n (1.8.3)
      concurrent-ruby (~> 1.0)
    method_source (1.0.0)
    oauth (0.5.4)
    pry (0.13.1)
      coderay (~> 1.1)
      method_source (~> 1.0)
    rake (13.0.1)
    rspec (3.9.0)
      rspec-core (~> 3.9.0)
      rspec-expectations (~> 3.9.0)
      rspec-mocks (~> 3.9.0)
    rspec-core (3.9.2)
      rspec-support (~> 3.9.3)
    rspec-expectations (3.9.2)
      diff-lcs (>= 1.2.0, < 2.0)
      rspec-support (~> 3.9.0)
    rspec-mocks (3.9.1)
      diff-lcs (>= 1.2.0, < 2.0)
      rspec-support (~> 3.9.0)
    rspec-support (3.9.3)
    rspec_junit_formatter (0.4.1)
      rspec-core (>= 2, < 4, != 2.12.0)
    semver (1.0.1)

PLATFORMS
  ruby

DEPENDENCIES
  faker (~> 2.13)
  noun-project-api!
  pry (~> 0.13)
  rake (~> 13.0)
  rspec (~> 3.9)
  rspec_junit_formatter (~> 0.4)
  semver (~> 1.0)

BUNDLED WITH
   2.1.4
